GIT
  remote: git://github.com/AnyPresence/push_notification_extension.git
  revision: ff55cb10ec392f52af8fa262de7e73f979f12b98
  tag: v0.0.1
  specs:
    push_notification_extension (0.0.1)
      gcm (= 0.0.2)
      json
      liquid
      mongoid (~> 3.0.6)
      multi_json
      rails (~> 3.2.8)

PATH
  remote: .
  specs:
    scheduler_extension (0.0.2)
      local-env
      mongoid (~> 3.0.6)
      rails (~> 3.2.9)
      redis
      resque

GEM
  remote: http://rubygems.org/
  specs:
    actionmailer (3.2.9)
      actionpack (= 3.2.9)
      mail (~> 2.4.4)
    actionpack (3.2.9)
      activemodel (= 3.2.9)
      activesupport (= 3.2.9)
      builder (~> 3.0.0)
      erubis (~> 2.7.0)
      journey (~> 1.0.4)
      rack (~> 1.4.0)
      rack-cache (~> 1.2)
      rack-test (~> 0.6.1)
      sprockets (~> 2.2.1)
    activemodel (3.2.9)
      activesupport (= 3.2.9)
      builder (~> 3.0.0)
    activerecord (3.2.9)
      activemodel (= 3.2.9)
      activesupport (= 3.2.9)
      arel (~> 3.0.2)
      tzinfo (~> 0.3.29)
    activeresource (3.2.9)
      activemodel (= 3.2.9)
      activesupport (= 3.2.9)
    activesupport (3.2.9)
      i18n (~> 0.6)
      multi_json (~> 1.0)
    arel (3.0.2)
    builder (3.0.4)
    chunky_png (1.2.6)
    coffee-rails (3.2.2)
      coffee-script (>= 2.2.0)
      railties (~> 3.2.0)
    coffee-script (2.2.0)
      coffee-script-source
      execjs
    coffee-script-source (1.4.0)
    columnize (0.3.6)
    compass (0.12.2)
      chunky_png (~> 1.2)
      fssm (>= 0.2.7)
      sass (~> 3.1)
    compass-rails (1.0.3)
      compass (>= 0.12.2, < 0.14)
    database_cleaner (0.9.1)
    debugger (1.2.2)
      columnize (>= 0.3.1)
      debugger-linecache (~> 1.1.1)
      debugger-ruby_core_source (~> 1.1.5)
    debugger-linecache (1.1.2)
      debugger-ruby_core_source (>= 1.1.1)
    debugger-ruby_core_source (1.1.5)
    erubis (2.7.0)
    execjs (1.4.0)
      multi_json (~> 1.0)
    factory_girl (3.3.0)
      activesupport (>= 3.0.0)
    fssm (0.2.9)
    gcm (0.0.2)
      httparty
      json
    haml (3.1.7)
    hike (1.2.1)
    httparty (0.9.0)
      multi_json (~> 1.0)
      multi_xml
    i18n (0.6.1)
    journey (1.0.4)
    jquery-rails (2.1.4)
      railties (>= 3.0, < 5.0)
      thor (>= 0.14, < 2.0)
    jquery_mobile_rails (1.2.0)
      rails (>= 3.1.0)
    json (1.7.5)
    libv8 (3.3.10.4)
    liquid (2.4.1)
    local-env (0.0.1)
    mail (2.4.4)
      i18n (>= 0.4.0)
      mime-types (~> 1.16)
      treetop (~> 1.4.8)
    metaclass (0.0.1)
    mime-types (1.19)
    mocha (0.12.7)
      metaclass (~> 0.0.1)
    mongoid (3.0.9)
      activemodel (~> 3.1)
      moped (~> 1.1)
      origin (~> 1.0)
      tzinfo (~> 0.3.22)
    moped (1.3.1)
    multi_json (1.4.0)
    multi_xml (0.5.1)
    origin (1.0.11)
    polyglot (0.3.3)
    rack (1.4.1)
    rack-cache (1.2)
      rack (>= 0.4)
    rack-protection (1.2.0)
      rack
    rack-ssl (1.3.2)
      rack
    rack-test (0.6.2)
      rack (>= 1.0)
    rails (3.2.9)
      actionmailer (= 3.2.9)
      actionpack (= 3.2.9)
      activerecord (= 3.2.9)
      activeresource (= 3.2.9)
      activesupport (= 3.2.9)
      bundler (~> 1.0)
      railties (= 3.2.9)
    railties (3.2.9)
      actionpack (= 3.2.9)
      activesupport (= 3.2.9)
      rack-ssl (~> 1.3.2)
      rake (>= 0.8.7)
      rdoc (~> 3.4)
      thor (>= 0.14.6, < 2.0)
    rake (10.0.2)
    rdoc (3.12)
      json (~> 1.4)
    redis (3.0.2)
    redis-namespace (1.2.1)
      redis (~> 3.0.0)
    resque (1.23.0)
      multi_json (~> 1.0)
      redis-namespace (~> 1.0)
      sinatra (>= 0.9.2)
      vegas (~> 0.1.2)
    sass (3.2.3)
    sass-rails (3.2.5)
      railties (~> 3.2.0)
      sass (>= 3.1.10)
      tilt (~> 1.3)
    shoulda (3.3.2)
      shoulda-context (~> 1.0.1)
      shoulda-matchers (~> 1.4.1)
    shoulda-context (1.0.1)
    shoulda-matchers (1.4.1)
      activesupport (>= 3.0.0)
    simple_form (2.0.4)
      actionpack (~> 3.0)
      activemodel (~> 3.0)
    sinatra (1.3.3)
      rack (~> 1.3, >= 1.3.6)
      rack-protection (~> 1.2)
      tilt (~> 1.3, >= 1.3.3)
    sprockets (2.2.2)
      hike (~> 1.2)
      multi_json (~> 1.0)
      rack (~> 1.0)
      tilt (~> 1.1, != 1.3.0)
    therubyracer (0.10.2)
      libv8 (~> 3.3.10)
    thor (0.16.0)
    tilt (1.3.3)
    treetop (1.4.12)
      polyglot
      polyglot (>= 0.3.1)
    tzinfo (0.3.35)
    uglifier (1.3.0)
      execjs (>= 0.3.0)
      multi_json (~> 1.0, >= 1.0.2)
    vegas (0.1.11)
      rack (>= 1.0.0)

PLATFORMS
  ruby

DEPENDENCIES
  coffee-rails (~> 3.2.1)
  compass-rails (= 1.0.3)
  database_cleaner
  debugger
  factory_girl (= 3.3.0)
  haml (= 3.1.7)
  jquery-rails
  jquery_mobile_rails (= 1.2.0)
  mocha (~> 0.12.3)
  mongoid (~> 3.0.6)
  push_notification_extension (= 0.0.1)!
  redis
  resque
  sass-rails (= 3.2.5)
  scheduler_extension!
  shoulda
  simple_form (= 2.0.4)
  therubyracer
  uglifier
